GEM
  remote: http://rubygems.org/
  specs:
    rb-fsevent (0.9.3)
    terminal-notifier (1.4.2)

PLATFORMS
  ruby

DEPENDENCIES
  rb-fsevent
  terminal-notifier
